GEM
  remote: https://rubygems.org/
  specs:
    addressable (2.2.8)
    em-websocket (0.3.6)
      addressable (>= 2.1.1)
      eventmachine (>= 0.12.9)
    eventmachine (0.12.10)
    rack (1.4.1)
    webrick (1.3.1)

PLATFORMS
  ruby

DEPENDENCIES
  em-websocket
  rack
  webrick
